PATH
  remote: .
  specs:
    recurly (2.0.11)

GEM
  remote: http://rubygems.org/
  specs:
    addressable (2.2.6)
    bouncy-castle-java (1.5.0146.1)
    crack (0.3.1)
    growl_notify (0.0.1)
      rb-appscript
    guard (0.8.1)
      thor (~> 0.14.6)
    guard-minitest (0.4.0)
      guard (~> 0.4)
    jruby-openssl (0.7.4)
      bouncy-castle-java
    minitest (2.6.1)
    nokogiri (1.5.0)
    nokogiri (1.5.0-java)
    rake (0.9.2)
    rb-appscript (0.6.1)
    rb-fsevent (0.4.3.1)
    redcarpet (1.17.2)
    thor (0.14.6)
    webmock (1.7.6)
      addressable (~> 2.2, > 2.2.5)
      crack (>= 0.1.7)
    yard (0.7.3)

PLATFORMS
  java
  ruby

DEPENDENCIES
  growl_notify (~> 0.0.1)
  guard-minitest (~> 0.4.0)
  jruby-openssl (~> 0.7.4)
  minitest (~> 2.6.1)
  nokogiri (~> 1.5.0)
  rake (~> 0.9.2)
  rb-fsevent (~> 0.4.3.1)
  recurly!
  redcarpet
  webmock (~> 1.7.6)
  yard
